GEM
  remote: https://rubygems.org/
  specs:
    activesupport (7.0.8)
      concurrent-ruby (~> 1.0, >= 1.0.2)
      i18n (>= 1.6, < 2)
      minitest (>= 5.1)
      tzinfo (~> 2.0)
    addressable (2.8.5)
      public_suffix (>= 2.0.2, < 6.0)
    ast (2.4.2)
    atlassian-jwt (0.2.1)
      jwt (~> 2.1)
    aws-eventstream (1.2.0)
    aws-partitions (1.826.0)
    aws-sdk-core (3.183.0)
      aws-eventstream (~> 1, >= 1.0.2)
      aws-partitions (~> 1, >= 1.651.0)
      aws-sigv4 (~> 1.5)
      jmespath (~> 1, >= 1.6.1)
    aws-sdk-dynamodb (1.93.1)
      aws-sdk-core (~> 3, >= 3.177.0)
      aws-sigv4 (~> 1.1)
    aws-sdk-kms (1.71.0)
      aws-sdk-core (~> 3, >= 3.177.0)
      aws-sigv4 (~> 1.1)
    aws-sdk-s3 (1.135.0)
      aws-sdk-core (~> 3, >= 3.181.0)
      aws-sdk-kms (~> 1)
      aws-sigv4 (~> 1.6)
    aws-sigv4 (1.6.0)
      aws-eventstream (~> 1, >= 1.0.2)
    base58 (0.2.3)
    base64 (0.1.1)
    concurrent-ruby (1.2.2)
    crack (0.4.5)
      rexml
    date (3.3.3)
    differ (0.1.2)
    docile (1.4.0)
    faraday (2.7.11)
      base64
      faraday-net_http (>= 2.0, < 3.1)
      ruby2_keywords (>= 0.0.4)
    faraday-net_http (3.0.2)
    ffi (1.15.5)
    gitlab (4.19.0)
      httparty (~> 0.20)
      terminal-table (>= 1.5.1)
    glogin (0.13.0)
      base58 (>= 0.2)
      openssl (>= 2.0)
    haml (5.2.2)
      temple (>= 0.8.0)
      tilt
    hashie (5.0.0)
    httparty (0.21.0)
      mini_mime (>= 1.0.0)
      multi_xml (>= 0.5.2)
    i18n (1.14.1)
      concurrent-ruby (~> 1.0)
    jira-ruby (2.3.0)
      activesupport
      atlassian-jwt
      multipart-post
      oauth (~> 0.5, >= 0.5.0)
    jmespath (1.6.2)
    json (2.6.3)
    jwt (2.7.1)
    language_server-protocol (3.17.0.3)
    mail (2.8.1)
      mini_mime (>= 0.1.1)
      net-imap
      net-pop
      net-smtp
    matrix (0.4.2)
    mini_mime (1.1.5)
    mini_portile2 (2.8.4)
    minitest (5.20.0)
    mocha (2.1.0)
      ruby2_keywords (>= 0.0.5)
    multi_json (1.15.0)
    multi_xml (0.6.0)
    multipart-post (2.3.0)
    mustermann (3.0.0)
      ruby2_keywords (~> 0.0.1)
    net-imap (0.3.7)
      date
      net-protocol
    net-pop (0.1.2)
      net-protocol
    net-protocol (0.2.1)
      timeout
    net-smtp (0.4.0)
      net-protocol
    nokogiri (1.15.4)
      mini_portile2 (~> 2.8.2)
      racc (~> 1.4)
    nokogiri (1.15.4-x86_64-darwin)
      racc (~> 1.4)
    nokogiri (1.15.4-x86_64-linux)
      racc (~> 1.4)
    oauth (0.6.2)
      snaky_hash (~> 2.0)
      version_gem (~> 1.1)
    octokit (7.2.0)
      faraday (>= 1, < 3)
      sawyer (~> 0.9)
    openssl (3.1.0)
    parallel (1.23.0)
    parser (3.2.2.3)
      ast (~> 2.4.1)
      racc
    pdd (0.23.2)
      nokogiri (~> 1.10)
      rainbow (~> 3.0)
      ruby-filemagic (~> 0.7.2)
      slop (~> 4.6)
    power_assert (2.0.3)
    public_suffix (5.0.3)
    racc (1.7.1)
    rack (2.2.8)
    rack-protection (3.0.6)
      rack
    rack-test (2.1.0)
      rack (>= 1.3)
    rainbow (3.1.1)
    rake (13.0.6)
    rb-fsevent (0.11.2)
    rb-inotify (0.10.1)
      ffi (~> 1.0)
    regexp_parser (2.8.1)
    rexml (3.2.6)
    rubocop (1.55.1)
      json (~> 2.3)
      language_server-protocol (>= 3.17.0)
      parallel (~> 1.10)
      parser (>= 3.2.2.3)
      rainbow (>= 2.2.2, < 4.0)
      regexp_parser (>= 1.8, < 3.0)
      rexml (>= 3.2.5, < 4.0)
      rubocop-ast (>= 1.28.1, < 2.0)
      ruby-progressbar (~> 1.7)
      unicode-display_width (>= 2.4.0, < 3.0)
    rubocop-ast (1.29.0)
      parser (>= 3.2.1.0)
    rubocop-capybara (2.18.0)
      rubocop (~> 1.41)
    rubocop-factory_bot (2.23.1)
      rubocop (~> 1.33)
    rubocop-rspec (2.23.2)
      rubocop (~> 1.33)
      rubocop-capybara (~> 2.17)
      rubocop-factory_bot (~> 2.22)
    ruby-fann (1.4.1)
    ruby-filemagic (0.7.3)
    ruby-progressbar (1.13.0)
    ruby2_keywords (0.0.5)
    sass (3.7.4)
      sass-listen (~> 4.0.0)
    sass-listen (4.0.0)
      rb-fsevent (~> 0.9, >= 0.9.4)
      rb-inotify (~> 0.9, >= 0.9.7)
    sawyer (0.9.2)
      addressable (>= 2.3.5)
      faraday (>= 0.17.3, < 3)
    sentry-raven (3.1.2)
      faraday (>= 1.0)
    simplecov (0.22.0)
      docile (~> 1.1)
      simplecov-html (~> 0.11)
      simplecov_json_formatter (~> 0.1)
    simplecov-html (0.12.3)
    simplecov_json_formatter (0.1.4)
    sinatra (3.0.6)
      mustermann (~> 3.0)
      rack (~> 2.2, >= 2.2.4)
      rack-protection (= 3.0.6)
      tilt (~> 2.0)
    sinatra-contrib (3.0.6)
      multi_json
      mustermann (~> 3.0)
      rack-protection (= 3.0.6)
      sinatra (= 3.0.6)
      tilt (~> 2.0)
    slop (4.10.1)
    snaky_hash (2.0.1)
      hashie
      version_gem (~> 1.1, >= 1.1.1)
    sprockets (4.2.1)
      concurrent-ruby (~> 1.0)
      rack (>= 2.2.4, < 4)
    temple (0.10.2)
    terminal-table (3.0.2)
      unicode-display_width (>= 1.1.1, < 3)
    test-unit (3.6.1)
      power_assert
    tilt (2.3.0)
    timeout (0.4.0)
    tzinfo (2.0.6)
      concurrent-ruby (~> 1.0)
    unicode-display_width (2.4.2)
    version_gem (1.1.3)
    webrick (1.8.1)
    xcop (0.7.1)
      differ (~> 0.1.2)
      nokogiri (~> 1.10)
      rainbow (~> 3.0)
      slop (~> 4.4)

PLATFORMS
  ruby
  x86_64-darwin-19
  x86_64-darwin-21
  x86_64-linux

DEPENDENCIES
  atlassian-jwt (~> 0.2.1)
  aws-sdk-dynamodb (= 1.93.1)
  aws-sdk-s3 (= 1.135.0)
  crack (= 0.4.5)
  gitlab (= 4.19.0)
  glogin (= 0.13.0)
  haml (= 5.2.2)
  jira-ruby (= 2.3.0)
  mail (= 2.8.1)
  matrix (= 0.4.2)
  mocha (= 2.1.0)
  net-smtp (= 0.4.0)
  nokogiri (= 1.15.4)
  octokit (= 7.2.0)
  pdd (= 0.23.2)
  rack (= 2.2.8)
  rack-test (= 2.1.0)
  rake (= 13.0.6)
  rubocop (= 1.55.1)
  rubocop-rspec (= 2.23.2)
  ruby-fann (= 1.4.1)
  sass (= 3.7.4)
  sentry-raven (= 3.1.2)
  simplecov (= 0.22.0)
  sinatra (= 3.0.6)
  sinatra-contrib (= 3.0.6)
  sprockets (= 4.2.1)
  test-unit (= 3.6.1)
  webrick (= 1.8.1)
  xcop (= 0.7.1)

BUNDLED WITH
   2.4.6
